GEM
  remote: https://rubygems.org/
  specs:
    libv8 (3.11.8.17)
    mini_portile2 (2.0.0.rc2)
    nokogiri (1.6.7.2)
      mini_portile2 (~> 2.0.0.rc2)
    ref (2.0.0)
    solid_assert (0.7.3)
    therubyracer (0.11.3)
      libv8 (~> 3.11.8.12)
      ref

PLATFORMS
  ruby

DEPENDENCIES
  nokogiri
  solid_assert
  therubyracer (= 0.11.3)
